GEM
  remote: https://rubygems.org/
  specs:
    jwt (2.2.1)

PLATFORMS
  ruby

DEPENDENCIES
  jwt

RUBY VERSION
   ruby 2.7.1p83

BUNDLED WITH
   2.1.4
